GEM
  remote: https://rubygems.org/
  specs:
    addressable (2.5.2)
      public_suffix (>= 2.0.2, < 4.0)
    bourbon (3.1.8)
      sass (>= 3.2.0)
      thor
    chunky_png (1.3.0)
    colorator (1.1.0)
    compass (0.12.2)
      chunky_png (~> 1.2)
      fssm (>= 0.2.7)
      sass (~> 3.1)
    dotenv (0.10.0)
    ffi (1.9.18)
    foreman (0.63.0)
      dotenv (>= 0.7)
      thor (>= 0.13.6)
    forwardable-extended (2.6.0)
    fssm (0.2.10)
    jekyll (3.5.2)
      addressable (~> 2.4)
      colorator (~> 1.0)
      jekyll-sass-converter (~> 1.0)
      jekyll-watch (~> 1.1)
      kramdown (~> 1.3)
      liquid (~> 4.0)
      mercenary (~> 0.3.3)
      pathutil (~> 0.9)
      rouge (~> 1.7)
      safe_yaml (~> 1.0)
    jekyll-sass-converter (1.3.0)
      sass (~> 3.2)
    jekyll-watch (1.5.1)
      listen (~> 3.0)
    kramdown (1.3.2)
    liquid (4.0.0)
    listen (3.1.5)
      rb-fsevent (~> 0.9, >= 0.9.4)
      rb-inotify (~> 0.9, >= 0.9.7)
      ruby_dep (~> 1.2)
    mercenary (0.3.6)
    neat (1.5.0)
      bourbon (>= 2.1)
      sass (>= 3.2)
    normalize-scss (2.2.0)
      compass (~> 0.12.0)
      sass (~> 3.2.0)
    pathutil (0.16.1)
      forwardable-extended (~> 2.6)
    public_suffix (3.0.1)
    rb-fsevent (0.10.2)
    rb-inotify (0.9.10)
      ffi (>= 0.5.0, < 2)
    rouge (1.11.1)
    ruby_dep (1.5.0)
    safe_yaml (1.0.4)
    sass (3.2.14)
    thor (0.18.1)

PLATFORMS
  ruby

DEPENDENCIES
  bourbon
  foreman
  jekyll
  kramdown
  neat
  normalize-scss
  sass

BUNDLED WITH
   1.16.1
